PATH
  remote: .
  specs:
    rlang (0.6.0)
      parser (~> 3.1)

GEM
  remote: https://rubygems.org/
  specs:
    ast (2.4.2)
    docile (1.3.2)
    minitest (5.14.0)
    parser (3.1.2.0)
      ast (~> 2.4.1)
    rake (12.3.3)
    simplecov (0.18.1)
      docile (~> 1.1)
      simplecov-html (~> 0.11.0)
    simplecov-html (0.11.0)
    wasmer (1.0.0)

PLATFORMS
  ruby

DEPENDENCIES
  bundler (~> 2.0)
  minitest (~> 5.0)
  rake (~> 12.0)
  rlang!
  simplecov (~> 0.18)
  wasmer (~> 1.0)

BUNDLED WITH
   2.3.13
